GEM
  specs:
    gem1 (1.0.0)
    gem2 (1.0.0)
    gem3 (1.0.0)
    gem4 (1.0.0)

PLATFORMS
  ruby

DEPENDENCIES
  gem1
  gem2
  gem3
  gem4
